PATH
  remote: .
  specs:
    sunspot (1.2.0)
      escape (= 0.0.4)
      pr_geohash (~> 1.0)
      rsolr (= 0.12.1)

GEM
  remote: http://rubygems.org/
  specs:
    builder (3.0.0)
    columnize (0.3.2)
    escape (0.0.4)
    linecache (0.43)
    pr_geohash (1.0.0)
    rsolr (0.12.1)
      builder (>= 2.1.2)
    rspec (1.3.0)
    ruby-debug (0.10.3)
      columnize (>= 0.1)
      ruby-debug-base (~> 0.10.3.0)
    ruby-debug-base (0.10.3)
      linecache (>= 0.3)

PLATFORMS
  ruby

DEPENDENCIES
  rspec (~> 1.3)
  ruby-debug
  sunspot (= 1.2.0)!
